GEM
  remote: http://rubygems.org/
  specs:
    open-uri-cached (0.0.5)

PLATFORMS
  ruby

DEPENDENCIES
  open-uri-cached (~> 0.0.5)
